GEM
  remote: https://rubygems.org/
  specs:
    debug (1.7.1)
      irb (>= 1.5.0)
      reline (>= 0.3.1)
    httparty (0.21.0)
      mini_mime (>= 1.0.0)
      multi_xml (>= 0.5.2)
    io-console (0.6.0)
    irb (1.6.2)
      reline (>= 0.3.0)
    mini_mime (1.1.2)
    multi_xml (0.6.0)
    nokogiri (1.14.1-x86_64-darwin)
      racc (~> 1.4)
    racc (1.6.2)
    reline (0.3.2)
      io-console (~> 0.5)
    ruby-progressbar (1.11.0)

PLATFORMS
  x86_64-darwin-19

DEPENDENCIES
  debug
  httparty
  nokogiri
  ruby-progressbar

BUNDLED WITH
   2.2.16
